PATH
  remote: .
  specs:
    acts_as_silent_list (1.3.0)

GEM
  remote: https://rubygems.org/
  specs:
    activemodel (3.2.13)
      activesupport (= 3.2.13)
      builder (~> 3.0.0)
    activerecord (3.2.13)
      activemodel (= 3.2.13)
      activesupport (= 3.2.13)
      arel (~> 3.0.2)
      tzinfo (~> 0.3.29)
    activesupport (3.2.13)
      i18n (= 0.6.1)
      multi_json (~> 1.0)
    arel (3.0.2)
    builder (3.0.4)
    i18n (0.6.1)
    json (1.7.7)
    multi_json (1.7.2)
    rake (10.0.4)
    rdoc (4.0.0)
      json (~> 1.4)
    sqlite3 (1.3.7)
    tzinfo (0.3.37)

PLATFORMS
  ruby

DEPENDENCIES
  activerecord (>= 1.15.4.7794)
  acts_as_silent_list!
  bundler (>= 1.0.0)
  rake
  rdoc
  sqlite3
