PATH
  remote: .
  specs:
    acts_as_silent_list (1.3.0)

GEM
  remote: https://rubygems.org/
  specs:
    activemodel (4.0.0.beta1)
      activesupport (= 4.0.0.beta1)
      builder (~> 3.1.0)
    activerecord (4.0.0.beta1)
      activemodel (= 4.0.0.beta1)
      activerecord-deprecated_finders (~> 0.0.3)
      activesupport (= 4.0.0.beta1)
      arel (~> 4.0.0.beta1)
    activerecord-deprecated_finders (0.0.3)
    activesupport (4.0.0.beta1)
      i18n (~> 0.6.2)
      minitest (~> 4.2)
      multi_json (~> 1.3)
      thread_safe (~> 0.1)
      tzinfo (~> 0.3.33)
    arel (4.0.0.beta2)
    atomic (1.0.1)
    builder (3.1.4)
    i18n (0.6.4)
    json (1.7.7)
    minitest (4.7.0)
    multi_json (1.7.1)
    rake (10.0.3)
    rdoc (3.12.2)
      json (~> 1.4)
    sqlite3 (1.3.7)
    thread_safe (0.1.0)
      atomic
    tzinfo (0.3.37)

PLATFORMS
  ruby

DEPENDENCIES
  activerecord (>= 1.15.4.7794)
  acts_as_silent_list!
  bundler (>= 1.0.0)
  rake
  rdoc
  sqlite3
